GEM
  remote: https://rubygems.org/
  specs:
    byebug (4.0.3)
      columnize (= 0.9.0)
    columnize (0.9.0)
    ffi (1.9.8)
    levenshtein-ffi (1.1.0)
      ffi (~> 1.9)
    mini_portile (0.6.2)
    nokogiri (1.6.6.2)
      mini_portile (~> 0.6.0)

PLATFORMS
  ruby

DEPENDENCIES
  byebug
  levenshtein-ffi
  nokogiri
